GEM
  remote: https://rubygems.org/
  specs:
    ast (2.4.0)
    jaro_winkler (1.4.0)
    mustermann (1.0.2)
    parallel (1.12.1)
    parser (2.5.1.0)
      ast (~> 2.4.0)
    powerpack (0.1.1)
    puma (3.11.4)
    rack (2.0.5)
    rack-protection (2.0.2)
      rack
    rainbow (3.0.0)
    rake (12.3.1)
    rubocop (0.57.0)
      jaro_winkler (~> 1.4.0)
      parallel (~> 1.10)
      parser (>= 2.5)
      powerpack (~> 0.1)
      rainbow (>= 2.2.2, < 4.0)
      ruby-progressbar (~> 1.7)
      unicode-display_width (~> 1.0, >= 1.0.1)
    ruby-progressbar (1.9.0)
    sinatra (2.0.2)
      mustermann (~> 1.0)
      rack (~> 2.0)
      rack-protection (= 2.0.2)
      tilt (~> 2.0)
    tilt (2.0.8)
    unicode-display_width (1.4.0)

PLATFORMS
  ruby

DEPENDENCIES
  puma
  rake
  rubocop
  sinatra

RUBY VERSION
   ruby 2.2.3p173

BUNDLED WITH
   1.16.2
